GEM
  remote: https://rubygems.org/
  specs:
    byebug (11.0.1)
    mini_portile2 (2.4.0)
    nokogiri (1.10.8)
      mini_portile2 (~> 2.4.0)
    slugify (1.0.7)

PLATFORMS
  ruby

DEPENDENCIES
  byebug
  nokogiri
  slugify

BUNDLED WITH
   2.0.2
