GEM
  remote: https://rubygems.org/
  specs:
    byebug (11.0.1)
    damerau-levenshtein (1.3.2)
    deepsort (0.4.3)
    htmlentities (4.3.4)
    mini_portile2 (2.4.0)
    nokogiri (1.10.4)
      mini_portile2 (~> 2.4.0)
    slugify (1.0.7)

PLATFORMS
  ruby

DEPENDENCIES
  byebug
  damerau-levenshtein
  deepsort
  htmlentities
  nokogiri
  slugify

BUNDLED WITH
   2.0.2
